PATH
  remote: .
  specs:
    validates_email_whitelist_of (1.0.0)

GEM
  remote: http://rubygems.org/
  specs:
    activerecord (2.3.11)
      activesupport (= 2.3.11)
    activesupport (2.3.11)
    diff-lcs (1.1.2)
    rspec (2.4.0)
      rspec-core (~> 2.4.0)
      rspec-expectations (~> 2.4.0)
      rspec-mocks (~> 2.4.0)
    rspec-core (2.4.0)
    rspec-expectations (2.4.0)
      diff-lcs (~> 1.1.2)
    rspec-mocks (2.4.0)
    sqlite3 (1.3.3)

PLATFORMS
  ruby

DEPENDENCIES
  activerecord (~> 2.3.11)
  rspec (~> 2.4.0)
  sqlite3
  validates_email_whitelist_of!
